GEM
  remote: https://rubygems.org/
  specs:
    httparty (0.13.7)
      json (~> 1.8)
      multi_xml (>= 0.5.2)
    json (1.8.3)
    mini_portile (0.6.2)
    multi_xml (0.5.5)
    nokogiri (1.6.6.2)
      mini_portile (~> 0.6.0)
    rack (1.6.4)
    rack-protection (1.5.3)
      rack
    sinatra (1.4.6)
      rack (~> 1.4)
      rack-protection (~> 1.4)
      tilt (>= 1.3, < 3)
    spotlite (0.8.3)
      httparty
      nokogiri (~> 1.6)
    themoviedb (0.1.0)
      httparty
    tilt (2.0.1)

PLATFORMS
  ruby

DEPENDENCIES
  json
  nokogiri
  sinatra
  spotlite
  themoviedb
